GEM
  remote: https://rubygems.org/
  specs:
    colored (1.2)
    concurrent-ruby (1.0.5)
    cri (2.9.1)
      colored (~> 1.2)
    ddplugin (1.0.1)
    ffi (1.9.18)
    hamster (3.0.0)
      concurrent-ruby (~> 1.0)
    kramdown (1.15.0)
    nanoc (4.8.5)
      cri (~> 2.8)
      ddplugin (~> 1.0)
      hamster (~> 3.0)
      ref (~> 2.0)
    rb-fsevent (0.10.2)
    rb-inotify (0.9.10)
      ffi (>= 0.5.0, < 2)
    ref (2.0.0)
    sass (3.5.1)
      sass-listen (~> 4.0.0)
    sass-listen (4.0.0)
      rb-fsevent (~> 0.9, >= 0.9.4)
      rb-inotify (~> 0.9, >= 0.9.7)

PLATFORMS
  ruby

DEPENDENCIES
  kramdown
  nanoc (~> 4.0)
  sass (~> 3.5)

BUNDLED WITH
   1.15.1
